GEM
  remote: https://rubygems.org/
  specs:
    activesupport (5.1.4)
      concurrent-ruby (~> 1.0, >= 1.0.2)
      i18n (~> 0.7)
      minitest (~> 5.1)
      tzinfo (~> 1.1)
    addressable (2.5.2)
      public_suffix (>= 2.0.2, < 4.0)
    ast (2.3.0)
    buftok (0.2.0)
    colorator (1.1.0)
    colorize (0.8.1)
    concurrent-ruby (1.0.5)
    crass (1.0.3)
    domain_name (0.5.20170404)
      unf (>= 0.0.5, < 1.0.0)
    equalizer (0.0.11)
    ethon (0.11.0)
      ffi (>= 1.3.0)
    ffi (1.9.18)
    forwardable-extended (2.6.0)
    html-proofer (3.7.6)
      activesupport (>= 4.2, < 6.0)
      addressable (~> 2.3)
      colorize (~> 0.8)
      mercenary (~> 0.3.2)
      nokogiri (~> 1.8.1)
      parallel (~> 1.3)
      typhoeus (~> 0.7)
      yell (~> 2.0)
    htmlbeautifier (1.3.1)
    htmlcompressor (0.3.1)
    http (3.0.0)
      addressable (~> 2.3)
      http-cookie (~> 1.0)
      http-form_data (>= 2.0.0.pre.pre2, < 3)
      http_parser.rb (~> 0.6.0)
    http-cookie (1.0.3)
      domain_name (~> 0.5)
    http-form_data (2.0.0)
    http_parser.rb (0.6.0)
    i18n (0.9.1)
      concurrent-ruby (~> 1.0)
    jekyll (3.6.2)
      addressable (~> 2.4)
      colorator (~> 1.0)
      jekyll-sass-converter (~> 1.0)
      jekyll-watch (~> 1.1)
      kramdown (~> 1.14)
      liquid (~> 4.0)
      mercenary (~> 0.3.3)
      pathutil (~> 0.9)
      rouge (>= 1.7, < 3)
      safe_yaml (~> 1.0)
    jekyll-feed (0.9.2)
      jekyll (~> 3.3)
    jekyll-sass-converter (1.5.1)
      sass (~> 3.4)
    jekyll-sitemap (1.1.1)
      jekyll (~> 3.3)
    jekyll-tidy (0.2.2)
      htmlbeautifier
      htmlcompressor
      jekyll
    jekyll-toc (0.4.0)
      nokogiri (~> 1.6)
    jekyll-twitter-collection (0.0.4)
      sanitize (~> 4.5)
      twitter (~> 6.1)
    jekyll-watch (1.5.1)
      listen (~> 3.0)
    kramdown (1.16.2)
    liquid (4.0.0)
    listen (3.1.5)
      rb-fsevent (~> 0.9, >= 0.9.4)
      rb-inotify (~> 0.9, >= 0.9.7)
      ruby_dep (~> 1.2)
    memoizable (0.4.2)
      thread_safe (~> 0.3, >= 0.3.1)
    mercenary (0.3.6)
    mini_portile2 (2.3.0)
    minitest (5.10.3)
    multipart-post (2.0.0)
    naught (1.1.0)
    nokogiri (1.8.1)
      mini_portile2 (~> 2.3.0)
    nokogumbo (1.4.13)
      nokogiri
    parallel (1.12.1)
    parser (2.4.0.2)
      ast (~> 2.3)
    pathutil (0.16.1)
      forwardable-extended (~> 2.6)
    powerpack (0.1.1)
    public_suffix (3.0.1)
    rainbow (3.0.0)
    rake (12.3.0)
    rb-fsevent (0.10.2)
    rb-inotify (0.9.10)
      ffi (>= 0.5.0, < 2)
    redcarpet (3.4.0)
    rouge (2.2.1)
    rubocop (0.52.0)
      parallel (~> 1.10)
      parser (>= 2.4.0.2, < 3.0)
      powerpack (~> 0.1)
      rainbow (>= 2.2.2, < 4.0)
      ruby-progressbar (~> 1.7)
      unicode-display_width (~> 1.0, >= 1.0.1)
    ruby-progressbar (1.9.0)
    ruby_dep (1.5.0)
    safe_yaml (1.0.4)
    sanitize (4.5.0)
      crass (~> 1.0.2)
      nokogiri (>= 1.4.4)
      nokogumbo (~> 1.4.1)
    sass (3.5.4)
      sass-listen (~> 4.0.0)
    sass-listen (4.0.0)
      rb-fsevent (~> 0.9, >= 0.9.4)
      rb-inotify (~> 0.9, >= 0.9.7)
    simple_oauth (0.3.1)
    thread_safe (0.3.6)
    twitter (6.2.0)
      addressable (~> 2.3)
      buftok (~> 0.2.0)
      equalizer (~> 0.0.11)
      http (~> 3.0)
      http-form_data (~> 2.0)
      http_parser.rb (~> 0.6.0)
      memoizable (~> 0.4.0)
      multipart-post (~> 2.0)
      naught (~> 1.0)
      simple_oauth (~> 0.3.0)
    typhoeus (0.8.0)
      ethon (>= 0.8.0)
    tzinfo (1.2.4)
      thread_safe (~> 0.1)
    unf (0.1.4)
      unf_ext
    unf_ext (0.0.7.4)
    unicode-display_width (1.3.0)
    yell (2.0.7)

PLATFORMS
  ruby

DEPENDENCIES
  html-proofer!
  jekyll!
  jekyll-feed!
  jekyll-sitemap!
  jekyll-tidy!
  jekyll-toc!
  jekyll-twitter-collection!
  rake!
  redcarpet!
  rubocop!

BUNDLED WITH
   1.15.4
